FRAMEWORK: NET452
NUGET
  remote: https://www.nuget.org/api/v2
    FSharp.Core (4.0.0.1)
    FSharp.Data (2.3.2)
    FSharp.Data.SqlClient (1.8.2)
    Google.DataTable.Net.Wrapper (3.1.2)
    Newtonsoft.Json (9.0.1)
    SQLProvider (1.0.37)
    XPlot.GoogleCharts (1.4.2)
      Google.DataTable.Net.Wrapper (3.1.2)
      Newtonsoft.Json (9.0.1)
